PATH
  remote: .
  specs:
    artsy-eventservice (1.0.9)
      bunny

GEM
  remote: http://rubygems.org/
  specs:
    amq-protocol (2.3.0)
    ast (2.3.0)
    binding_of_caller (0.7.2)
      debug_inspector (>= 0.0.1)
    bunny (2.9.2)
      amq-protocol (~> 2.3.0)
    coderay (1.1.1)
    debug_inspector (0.0.2)
    diff-lcs (1.2.5)
    interception (0.5)
    method_source (0.8.2)
    parallel (1.12.1)
    parser (2.4.0.2)
      ast (~> 2.3)
    powerpack (0.1.1)
    pry (0.10.4)
      coderay (~> 1.1.0)
      method_source (~> 0.8.1)
      slop (~> 3.4)
    pry-nav (0.2.4)
      pry (>= 0.9.10, < 0.11.0)
    pry-rescue (1.4.5)
      interception (>= 0.5)
      pry
    pry-stack_explorer (0.4.9.2)
      binding_of_caller (>= 0.7)
      pry (>= 0.9.11)
    rainbow (3.0.0)
    rake (12.3.0)
    rspec (3.5.0)
      rspec-core (~> 3.5.0)
      rspec-expectations (~> 3.5.0)
      rspec-mocks (~> 3.5.0)
    rspec-core (3.5.4)
      rspec-support (~> 3.5.0)
    rspec-expectations (3.5.0)
      diff-lcs (>= 1.2.0, < 2.0)
      rspec-support (~> 3.5.0)
    rspec-mocks (3.5.0)
      diff-lcs (>= 1.2.0, < 2.0)
      rspec-support (~> 3.5.0)
    rspec-support (3.5.0)
    rubocop (0.52.1)
      parallel (~> 1.10)
      parser (>= 2.4.0.2, < 3.0)
      powerpack (~> 0.1)
      rainbow (>= 2.2.2, < 4.0)
      ruby-progressbar (~> 1.7)
      unicode-display_width (~> 1.0, >= 1.0.1)
    ruby-progressbar (1.9.0)
    slop (3.6.0)
    unicode-display_width (1.3.0)

PLATFORMS
  ruby

DEPENDENCIES
  artsy-eventservice!
  bunny
  pry-nav
  pry-rescue
  pry-stack_explorer
  rake
  rspec
  rspec-mocks
  rubocop (~> 0.48)

RUBY VERSION
   ruby 2.3.0p0

BUNDLED WITH
   1.16.2
